PATH
  remote: .
  specs:
    loginx (1.3.0)
      methadone (>= 1.9.3)
      ruby_expect

GEM
  remote: https://rubygems.org/
  specs:
    methadone (1.9.3)
      bundler
    rake (11.3.0)
    ruby_expect (1.7.4)

PLATFORMS
  ruby

DEPENDENCIES
  bundler (>= 1.12)
  loginx!
  rake (>= 10.0)

BUNDLED WITH
   1.13.6
